GEM
  remote: https://www.rubygems.org/
  specs:
    coderay (1.0.9)
    haml (4.0.3)
      tilt
    method_source (0.8.1)
    pry (0.9.12.2)
      coderay (~> 1.0.5)
      method_source (~> 0.8)
      slop (~> 3.4)
    puma (2.0.1)
      rack (>= 1.1, < 2.0)
    rack (1.5.2)
    rack-protection (1.5.0)
      rack
    sass (3.2.7)
    sinatra (1.4.2)
      rack (~> 1.5, >= 1.5.2)
      rack-protection (~> 1.4)
      tilt (~> 1.3, >= 1.3.4)
    sinatra-cross_origin (0.2.0)
    slop (3.4.5)
    tilt (1.4.1)

PLATFORMS
  ruby

DEPENDENCIES
  haml
  pry
  puma
  sass
  sinatra (= 1.4.2)
  sinatra-cross_origin
